GEM
  remote: http://rubygems.org/
  specs:
    addressable (2.3.5)
    backports (3.3.3)
    coderay (1.0.9)
    diff-lcs (1.1.3)
    ethon (0.6.0)
      ffi (>= 1.3.0)
      mime-types (~> 1.18)
    facter (1.6.17)
    faraday (0.8.8)
      multipart-post (~> 1.2.0)
    faraday_middleware (0.9.0)
      faraday (>= 0.7.4, < 0.9)
    ffi (1.9.0)
    gh (0.11.3)
      addressable
      backports
      faraday (~> 0.8)
      multi_json (~> 1.0)
      net-http-persistent (>= 2.7)
      net-http-pipeline
    hashr (0.0.22)
    highline (1.6.19)
    launchy (2.3.0)
      addressable (~> 2.3)
    metaclass (0.0.1)
    method_source (0.8.2)
    mime-types (1.24)
    mocha (0.13.2)
      metaclass (~> 0.0.1)
    multi_json (1.7.9)
    multipart-post (1.2.0)
    net-http-persistent (2.9)
    net-http-pipeline (1.0.1)
    netrc (0.7.7)
    nokogiri (1.5.11)
    pry (0.9.12.2)
      coderay (~> 1.0.5)
      method_source (~> 0.8)
      slop (~> 3.4)
    puppet (2.7.20)
      facter (~> 1.5)
    puppet-blacksmith (2.0.2)
      nokogiri
      puppet (>= 2.7.16)
      rest-client
    puppet-lint (0.3.2)
    puppet-syntax (1.0.0)
      puppet (>= 2.7.0)
      rake
    puppetlabs_spec_helper (0.4.0)
      mocha (>= 0.10.5)
      rake
      rspec (>= 2.9.0)
      rspec-puppet (>= 0.1.1)
    pusher-client (0.3.1)
      ruby-hmac (~> 0.4.0)
      websocket (~> 1.0.0)
    rake (10.0.3)
    rest-client (1.6.7)
      mime-types (>= 1.16)
    rspec (2.12.0)
      rspec-core (~> 2.12.0)
      rspec-expectations (~> 2.12.0)
      rspec-mocks (~> 2.12.0)
    rspec-core (2.12.2)
    rspec-expectations (2.12.1)
      diff-lcs (~> 1.1.3)
    rspec-mocks (2.12.2)
    rspec-puppet (0.1.6)
      rspec
    ruby-hmac (0.4.0)
    slop (3.4.6)
    travis (1.5.0)
      backports
      faraday (~> 0.8)
      faraday_middleware (~> 0.9)
      gh
      highline (~> 1.6)
      launchy (~> 2.1)
      netrc (~> 0.7)
      pry (~> 0.9)
      pusher-client (~> 0.3, >= 0.3.1)
      typhoeus (~> 0.5)
      websocket-native (~> 1.0)
    travis-lint (1.7.0)
      hashr (~> 0.0.22)
    typhoeus (0.6.4)
      ethon (~> 0.6.0)
    websocket (1.0.7)
    websocket-native (1.0.0)

PLATFORMS
  ruby

DEPENDENCIES
  nokogiri (~> 1.5.0)
  puppet (~> 2.7.0)
  puppet-blacksmith
  puppet-lint
  puppet-syntax
  puppetlabs_spec_helper
  rake
  rspec-puppet
  travis
  travis-lint
